GEM
  remote: https://rubygems.org/
  specs:
    awesome_print (1.7.0)
    ruby-opencv (0.0.17)

PLATFORMS
  ruby

DEPENDENCIES
  awesome_print
  ruby-opencv

BUNDLED WITH
   1.12.5
